GEM
  remote: https://rubygems.org/
  specs:
    async_sinatra (1.2.0)
      rack (>= 1.4.1)
      sinatra (>= 1.3.2)
    daemons (1.1.9)
    eventmachine (1.0.8)
    rack (1.6.4)
    rack-protection (1.5.3)
      rack
    sinatra (1.4.6)
      rack (~> 1.4)
      rack-protection (~> 1.4)
      tilt (>= 1.3, < 3)
    thin (1.6.3)
      daemons (~> 1.0, >= 1.0.9)
      eventmachine (~> 1.0)
      rack (~> 1.0)
    tilt (2.0.2)

PLATFORMS
  ruby

DEPENDENCIES
  async_sinatra
  eventmachine
  thin

BUNDLED WITH
   1.10.5
